NUGET
  remote: http://www.nuget.org/api/v2
    Aether (8.1.2)
    Anat (1.0)
    FParsec (1.0.2)
    Hekate (3.2)
      Aether (>= 8.0.2 < 9.0)
    Hephaestus (1.0)
      Aether (>= 8.1 < 9.0)
      Anat (>= 1.0 < 2.0)
      Hekate (>= 3.2 < 4.0)
  remote: https://www.myget.org/F/freya/api/v2
    Freya.Core (4.0.0-b013)
      Aether (>= 8.1 < 9.0)
    Freya.Machines (4.0.0-b006)
      Aether (>= 8.1 < 9.0)
      Freya.Core (>= 4.0.0-b < 4.1.0-b)
      Hephaestus (>= 1.0 < 2.0)
    Freya.Machines.Http (4.0.0-b006)
      Aether (>= 8.1 < 9.0)
      Freya.Core (>= 4.0.0-b < 4.1.0-b)
      Freya.Machines (>= 4.0.0-b006)
      Freya.Optics.Http (>= 4.0.0-b < 4.1.0-b)
      Freya.Types.Http (>= 4.0.0-b < 4.1.0-b)
      Freya.Types.Language (>= 4.0.0-b < 4.1.0-b)
      Hephaestus (>= 1.0 < 2.0)
    Freya.Machines.Http.Cors (4.0.0-b006)
      Aether (>= 8.1 < 9.0)
      Freya.Core (>= 4.0.0-b < 4.1.0-b)
      Freya.Machines (>= 4.0.0-b006)
      Freya.Machines.Http (>= 4.0.0-b006)
      Freya.Optics.Http (>= 4.0.0-b < 4.1.0-b)
      Freya.Optics.Http.Cors (>= 4.0.0-b < 4.1.0-b)
      Freya.Types.Http (>= 4.0.0-b < 4.1.0-b)
      Freya.Types.Http.Cors (>= 4.0.0-b < 4.1.0-b)
      Hephaestus (>= 1.0 < 2.0)
    Freya.Optics (4.0.0-b006)
      Aether (>= 8.1 < 9.0)
    Freya.Optics.Http (4.0.0-b006)
      Aether (>= 8.1 < 9.0)
      Freya.Core (>= 4.0.0-b < 4.1.0-b)
      Freya.Optics (>= 4.0.0-b006)
      Freya.Types.Http (>= 4.0.0-b < 4.1.0-b)
      Freya.Types.Uri (>= 4.0.0-b < 4.1.0-b)
    Freya.Optics.Http.Cors (4.0.0-b006)
      Aether (>= 8.1 < 9.0)
      Freya.Core (>= 4.0.0-b < 4.1.0-b)
      Freya.Optics (>= 4.0.0-b006)
      Freya.Optics.Http (>= 4.0.0-b006)
      Freya.Types.Http.Cors (>= 4.0.0-b < 4.1.0-b)
    Freya.Routers (4.0.0-b011)
      Aether (>= 8.1 < 9.0)
    Freya.Routers.UriTemplate (4.0.0-b011)
      Aether (>= 8.1 < 9.0)
      Freya.Core (>= 4.0.0-b < 4.1.0-b)
      Freya.Optics.Http (>= 4.0.0-b < 4.1.0-b)
      Freya.Routers (>= 4.0.0-b011)
      Freya.Types.Http (>= 4.0.0-b < 4.1.0-b)
      Freya.Types.Uri (>= 4.0.0-b < 4.1.0-b)
      Freya.Types.Uri.Template (>= 4.0.0-b < 4.1.0-b)
      Hekate (>= 3.0 < 4.0)
    Freya.Types (4.0.0-b002)
      FParsec (>= 1.0 < 2.0)
    Freya.Types.Http (4.0.0-b002)
      FParsec (>= 1.0 < 2.0)
      Freya.Types (>= 4.0.0-b002)
      Freya.Types.Language (>= 4.0.0-b002)
      Freya.Types.Uri (>= 4.0.0-b002)
    Freya.Types.Http.Cors (4.0.0-b002)
      FParsec (>= 1.0 < 2.0)
      Freya.Types (>= 4.0.0-b002)
      Freya.Types.Http (>= 4.0.0-b002)
      Freya.Types.Language (>= 4.0.0-b002)
      Freya.Types.Uri (>= 4.0.0-b002)
    Freya.Types.Language (4.0.0-b002)
      FParsec (>= 1.0 < 2.0)
      Freya.Types (>= 4.0.0-b002)
    Freya.Types.Uri (4.0.0-b002)
      FParsec (>= 1.0 < 2.0)
      Freya.Types (>= 4.0.0-b002)
    Freya.Types.Uri.Template (4.0.0-b002)
      FParsec (>= 1.0 < 2.0)
      Freya.Types (>= 4.0.0-b002)
      Freya.Types.Uri (>= 4.0.0-b002)

GROUP Build
NUGET
  remote: http://www.nuget.org/api/v2
    FAKE (4.28)
GITHUB
  remote: xyncro/build
    build.fsx (589ed49e68b51d7de9e9de9be1adc30e26ce534d)