NUGET
  remote: http://www.nuget.org/api/v2
    Aether (8.1.2)
    Anat (1.0)
    FParsec (1.0.2)
    Hekate (3.2)
      Aether (>= 8.0.2 < 9.0)
    Hephaestus (1.0.1)
      Aether (>= 8.1 < 9.0)
      Anat (>= 1.0 < 2.0)
      Hekate (>= 3.2 < 4.0)
  remote: https://www.myget.org/F/freya/api/v2
    Freya.Core (3.0.0-b302)
      Aether (>= 8.1 < 9.0)
    Freya.Machines (3.0.0-b301)
      Aether (>= 8.1 < 9.0)
      Freya.Core (>= 3.0.0-b < 3.1.0-b)
      Hephaestus (>= 1.0 < 2.0)
    Freya.Machines.Http (3.0.0-b301)
      Aether (>= 8.1 < 9.0)
      Freya.Core (>= 3.0.0-b < 3.1.0-b)
      Freya.Machines (>= 3.0.0-b301)
      Freya.Optics.Http (>= 3.0.0-b < 3.1.0-b)
      Freya.Types.Http (>= 3.0.0-b < 3.1.0-b)
      Freya.Types.Language (>= 3.0.0-b < 3.1.0-b)
      Hephaestus (>= 1.0 < 2.0)
    Freya.Machines.Http.Cors (3.0.0-b301)
      Aether (>= 8.1 < 9.0)
      Freya.Core (>= 3.0.0-b < 3.1.0-b)
      Freya.Machines (>= 3.0.0-b301)
      Freya.Machines.Http (>= 3.0.0-b301)
      Freya.Optics.Http (>= 3.0.0-b < 3.1.0-b)
      Freya.Optics.Http.Cors (>= 3.0.0-b < 3.1.0-b)
      Freya.Types.Http (>= 3.0.0-b < 3.1.0-b)
      Freya.Types.Http.Cors (>= 3.0.0-b < 3.1.0-b)
      Hephaestus (>= 1.0 < 2.0)
    Freya.Optics (3.0.0-b301)
      Aether (>= 8.1 < 9.0)
    Freya.Optics.Http (3.0.0-b301)
      Aether (>= 8.1 < 9.0)
      Freya.Core (>= 3.0.0-b < 3.1.0-b)
      Freya.Optics (>= 3.0.0-b301)
      Freya.Types.Http (>= 3.0.0-b < 3.1.0-b)
      Freya.Types.Uri (>= 3.0.0-b < 3.1.0-b)
    Freya.Optics.Http.Cors (3.0.0-b301)
      Aether (>= 8.1 < 9.0)
      Freya.Core (>= 3.0.0-b < 3.1.0-b)
      Freya.Optics (>= 3.0.0-b301)
      Freya.Optics.Http (>= 3.0.0-b301)
      Freya.Types.Http.Cors (>= 3.0.0-b < 3.1.0-b)
    Freya.Polyfills (3.0.0-b302)
      Freya.Core (>= 3.0.0-b < 3.1.0-b)
    Freya.Routers (3.0.0-b302)
      Aether (>= 8.1 < 9.0)
    Freya.Routers.Uri.Template (3.0.0-b302)
      Aether (>= 8.1 < 9.0)
      Freya.Core (>= 3.0.0-b < 3.1.0-b)
      Freya.Optics.Http (>= 3.0.0-b < 3.1.0-b)
      Freya.Polyfills (>= 3.0.0-b < 3.1.0-b)
      Freya.Routers (>= 3.0.0-b302)
      Freya.Types.Http (>= 3.0.0-b < 3.1.0-b)
      Freya.Types.Uri (>= 3.0.0-b < 3.1.0-b)
      Freya.Types.Uri.Template (>= 3.0.0-b < 3.1.0-b)
      Hekate (>= 3.0 < 4.0)
    Freya.Types (3.0.0-b301)
      FParsec (>= 1.0 < 2.0)
    Freya.Types.Http (3.0.0-b301)
      FParsec (>= 1.0 < 2.0)
      Freya.Types (>= 3.0.0-b301)
      Freya.Types.Language (>= 3.0.0-b301)
      Freya.Types.Uri (>= 3.0.0-b301)
    Freya.Types.Http.Cors (3.0.0-b301)
      FParsec (>= 1.0 < 2.0)
      Freya.Types (>= 3.0.0-b301)
      Freya.Types.Http (>= 3.0.0-b301)
      Freya.Types.Language (>= 3.0.0-b301)
      Freya.Types.Uri (>= 3.0.0-b301)
    Freya.Types.Language (3.0.0-b301)
      FParsec (>= 1.0 < 2.0)
      Freya.Types (>= 3.0.0-b301)
    Freya.Types.Uri (3.0.0-b301)
      FParsec (>= 1.0 < 2.0)
      Freya.Types (>= 3.0.0-b301)
    Freya.Types.Uri.Template (3.0.0-b301)
      FParsec (>= 1.0 < 2.0)
      Freya.Types (>= 3.0.0-b301)
      Freya.Types.Uri (>= 3.0.0-b301)

GROUP Build
NUGET
  remote: http://www.nuget.org/api/v2
    FAKE (4.29.2)
GITHUB
  remote: xyncro/build
    build.fsx (589ed49e68b51d7de9e9de9be1adc30e26ce534d)