

GROUP Async
NUGET
  remote: http://www.nuget.org/api/v2
    Aether (8.1.2)
    Anat (1.0)
    FParsec (1.0.2)
    Hekate (3.2)
      Aether (>= 8.0.2 < 9.0)
    Hephaestus (4.0)
      Aether (>= 8.1 < 9.0)
      Anat (>= 1.0 < 2.0)
      Hekate (>= 3.2 < 4.0)
  remote: https://www.myget.org/F/freya/api/v2
    Freya.Core (3.0.0-rc01)
      Aether (>= 8.1 < 9.0)
    Freya.Machines (3.0.0-rc01)
      Aether (>= 8.1 < 9.0)
      Freya.Core (>= 3.0.0-rc < 3.1.0-rc)
      Hephaestus (>= 4.0 < 5.0)
    Freya.Machines.Http (3.0.0-rc01)
      Aether (>= 8.1 < 9.0)
      Freya.Core (>= 3.0.0-rc < 3.1.0-rc)
      Freya.Machines (>= 3.0.0-rc01)
      Freya.Optics.Http (>= 3.0.0-rc < 3.1.0-rc)
      Freya.Types.Http (>= 3.0.0-rc < 3.1.0-rc)
      Freya.Types.Language (>= 3.0.0-rc < 3.1.0-rc)
      Hephaestus (>= 4.0 < 5.0)
    Freya.Machines.Http.Cors (3.0.0-rc01)
      Aether (>= 8.1 < 9.0)
      Freya.Core (>= 3.0.0-rc < 3.1.0-rc)
      Freya.Machines (>= 3.0.0-rc01)
      Freya.Machines.Http (>= 3.0.0-rc01)
      Freya.Optics.Http (>= 3.0.0-rc < 3.1.0-rc)
      Freya.Optics.Http.Cors (>= 3.0.0-rc < 3.1.0-rc)
      Freya.Types.Http (>= 3.0.0-rc < 3.1.0-rc)
      Freya.Types.Http.Cors (>= 3.0.0-rc < 3.1.0-rc)
      Hephaestus (>= 4.0 < 5.0)
    Freya.Machines.Http.Patch (3.0.0-rc01)
      Aether (>= 8.1 < 9.0)
      Freya.Core (>= 3.0.0-rc < 3.1.0-rc)
      Freya.Machines (>= 3.0.0-rc01)
      Freya.Machines.Http (>= 3.0.0-rc01)
      Freya.Optics.Http (>= 3.0.0-rc < 3.1.0-rc)
      Freya.Optics.Http.Patch (>= 3.0.0-rc < 3.1.0-rc)
      Freya.Types.Http (>= 3.0.0-rc < 3.1.0-rc)
      Freya.Types.Http.Patch (>= 3.0.0-rc < 3.1.0-rc)
      Hephaestus (>= 4.0 < 5.0)
    Freya.Optics (3.0.0-rc01)
      Aether (>= 8.1 < 9.0)
    Freya.Optics.Http (3.0.0-rc01)
      Aether (>= 8.1 < 9.0)
      Freya.Core (>= 3.0.0-rc < 3.1.0-rc)
      Freya.Optics (>= 3.0.0-rc01)
      Freya.Types.Http (>= 3.0.0-rc < 3.1.0-rc)
      Freya.Types.Uri (>= 3.0.0-rc < 3.1.0-rc)
    Freya.Optics.Http.Cors (3.0.0-rc01)
      Aether (>= 8.1 < 9.0)
      Freya.Core (>= 3.0.0-rc < 3.1.0-rc)
      Freya.Optics (>= 3.0.0-rc01)
      Freya.Optics.Http (>= 3.0.0-rc01)
      Freya.Types.Http.Cors (>= 3.0.0-rc < 3.1.0-rc)
    Freya.Optics.Http.Patch (3.0.0-rc01)
      Aether (>= 8.1 < 9.0)
      Freya.Core (>= 3.0.0-rc < 3.1.0-rc)
      Freya.Optics (>= 3.0.0-rc01)
      Freya.Optics.Http (>= 3.0.0-rc01)
      Freya.Types.Http.Patch (>= 3.0.0-rc < 3.1.0-rc)
    Freya.Polyfills (3.0.0-rc01)
      Freya.Core (>= 3.0.0-rc < 3.1.0-rc)
    Freya.Routers (3.0.0-rc01)
      Aether (>= 8.1 < 9.0)
    Freya.Routers.Uri.Template (3.0.0-rc01)
      Aether (>= 8.1 < 9.0)
      Freya.Core (>= 3.0.0-rc < 3.1.0-rc)
      Freya.Optics.Http (>= 3.0.0-rc < 3.1.0-rc)
      Freya.Polyfills (>= 3.0.0-rc < 3.1.0-rc)
      Freya.Routers (>= 3.0.0-rc01)
      Freya.Types.Http (>= 3.0.0-rc < 3.1.0-rc)
      Freya.Types.Uri (>= 3.0.0-rc < 3.1.0-rc)
      Freya.Types.Uri.Template (>= 3.0.0-rc < 3.1.0-rc)
      Hekate (>= 3.0 < 4.0)
    Freya.Types (3.0.0-rc01)
      FParsec (>= 1.0 < 2.0)
    Freya.Types.Http (3.0.0-rc01)
      FParsec (>= 1.0 < 2.0)
      Freya.Types (>= 3.0.0-rc01)
      Freya.Types.Language (>= 3.0.0-rc01)
      Freya.Types.Uri (>= 3.0.0-rc01)
    Freya.Types.Http.Cors (3.0.0-rc01)
      FParsec (>= 1.0 < 2.0)
      Freya.Types (>= 3.0.0-rc01)
      Freya.Types.Http (>= 3.0.0-rc01)
      Freya.Types.Language (>= 3.0.0-rc01)
      Freya.Types.Uri (>= 3.0.0-rc01)
    Freya.Types.Http.Patch (3.0.0-rc01)
      FParsec (>= 1.0 < 2.0)
      Freya.Types (>= 3.0.0-rc01)
      Freya.Types.Http (>= 3.0.0-rc01)
      Freya.Types.Language (>= 3.0.0-rc01)
      Freya.Types.Uri (>= 3.0.0-rc01)
    Freya.Types.Language (3.0.0-rc01)
      FParsec (>= 1.0 < 2.0)
      Freya.Types (>= 3.0.0-rc01)
    Freya.Types.Uri (3.0.0-rc01)
      FParsec (>= 1.0 < 2.0)
      Freya.Types (>= 3.0.0-rc01)
    Freya.Types.Uri.Template (3.0.0-rc01)
      FParsec (>= 1.0 < 2.0)
      Freya.Types (>= 3.0.0-rc01)
      Freya.Types.Uri (>= 3.0.0-rc01)

GROUP Build
NUGET
  remote: http://www.nuget.org/api/v2
    FAKE (4.34.5)
GITHUB
  remote: xyncro/build
    build.fsx (589ed49e68b51d7de9e9de9be1adc30e26ce534d)
GROUP Hopac
NUGET
  remote: http://www.nuget.org/api/v2
    Aether (8.1.2)
    Anat (1.0)
    FParsec (1.0.2)
    FSharp.Core (4.0.0.1)
    Hekate (3.2)
      Aether (>= 8.0.2 < 9.0)
    Hephaestus.Hopac (4.0)
      Aether (>= 8.1 < 9.0)
      Anat (>= 1.0 < 2.0)
      Hekate (>= 3.2 < 4.0)
      Hopac (>= 0.0 < 1.0)
    Hopac (0.2.1)
      FSharp.Core (>= 3.1.2.5)
  remote: https://www.myget.org/F/freya/api/v2
    Freya.Core.Hopac (3.0.0-rc01)
      Aether (>= 8.1 < 9.0)
      Hopac (>= 0.0 < 1.0)
    Freya.Machines.Hopac (3.0.0-rc01)
      Aether (>= 8.1 < 9.0)
      Freya.Core.Hopac (>= 3.0.0-rc < 3.1.0-rc)
      Hephaestus.Hopac (>= 4.0 < 5.0)
    Freya.Machines.Http.Cors.Hopac (3.0.0-rc01)
      Aether (>= 8.1 < 9.0)
      Freya.Core.Hopac (>= 3.0.0-rc < 3.1.0-rc)
      Freya.Machines.Hopac (>= 3.0.0-rc01)
      Freya.Machines.Http.Hopac (>= 3.0.0-rc01)
      Freya.Optics.Http.Cors.Hopac (>= 3.0.0-rc < 3.1.0-rc)
      Freya.Optics.Http.Hopac (>= 3.0.0-rc < 3.1.0-rc)
      Freya.Types.Http (>= 3.0.0-rc < 3.1.0-rc)
      Freya.Types.Http.Cors (>= 3.0.0-rc < 3.1.0-rc)
      Hephaestus.Hopac (>= 4.0 < 5.0)
    Freya.Machines.Http.Hopac (3.0.0-rc01)
      Aether (>= 8.1 < 9.0)
      Freya.Core.Hopac (>= 3.0.0-rc < 3.1.0-rc)
      Freya.Machines.Hopac (>= 3.0.0-rc01)
      Freya.Optics.Http.Hopac (>= 3.0.0-rc < 3.1.0-rc)
      Freya.Types.Http (>= 3.0.0-rc < 3.1.0-rc)
      Freya.Types.Language (>= 3.0.0-rc < 3.1.0-rc)
      Hephaestus.Hopac (>= 4.0 < 5.0)
    Freya.Machines.Http.Patch.Hopac (3.0.0-rc01)
      Aether (>= 8.1 < 9.0)
      Freya.Core.Hopac (>= 3.0.0-rc < 3.1.0-rc)
      Freya.Machines.Hopac (>= 3.0.0-rc01)
      Freya.Machines.Http.Hopac (>= 3.0.0-rc01)
      Freya.Optics.Http.Hopac (>= 3.0.0-rc < 3.1.0-rc)
      Freya.Optics.Http.Patch.Hopac (>= 3.0.0-rc < 3.1.0-rc)
      Freya.Types.Http (>= 3.0.0-rc < 3.1.0-rc)
      Freya.Types.Http.Patch (>= 3.0.0-rc < 3.1.0-rc)
      Hephaestus.Hopac (>= 4.0 < 5.0)
    Freya.Optics (3.0.0-rc01)
      Aether (>= 8.1 < 9.0)
    Freya.Optics.Http.Cors.Hopac (3.0.0-rc01)
      Aether (>= 8.1 < 9.0)
      Freya.Core.Hopac (>= 3.0.0-rc < 3.1.0-rc)
      Freya.Optics (>= 3.0.0-rc01)
      Freya.Optics.Http.Hopac (>= 3.0.0-rc01)
      Freya.Types.Http.Cors (>= 3.0.0-rc < 3.1.0-rc)
    Freya.Optics.Http.Hopac (3.0.0-rc01)
      Aether (>= 8.1 < 9.0)
      Freya.Core.Hopac (>= 3.0.0-rc < 3.1.0-rc)
      Freya.Optics (>= 3.0.0-rc01)
      Freya.Types.Http (>= 3.0.0-rc < 3.1.0-rc)
      Freya.Types.Uri (>= 3.0.0-rc < 3.1.0-rc)
    Freya.Optics.Http.Patch.Hopac (3.0.0-rc01)
      Aether (>= 8.1 < 9.0)
      Freya.Core.Hopac (>= 3.0.0-rc < 3.1.0-rc)
      Freya.Optics (>= 3.0.0-rc01)
      Freya.Optics.Http.Hopac (>= 3.0.0-rc01)
      Freya.Types.Http.Patch (>= 3.0.0-rc < 3.1.0-rc)
    Freya.Polyfills.Hopac (3.0.0-rc01)
      Freya.Core.Hopac (>= 3.0.0-rc < 3.1.0-rc)
    Freya.Routers (3.0.0-rc01)
      Aether (>= 8.1 < 9.0)
    Freya.Routers.Uri.Template.Hopac (3.0.0-rc01)
      Aether (>= 8.1 < 9.0)
      Freya.Core.Hopac (>= 3.0.0-rc < 3.1.0-rc)
      Freya.Optics.Http.Hopac (>= 3.0.0-rc < 3.1.0-rc)
      Freya.Polyfills.Hopac (>= 3.0.0-rc < 3.1.0-rc)
      Freya.Routers (>= 3.0.0-rc01)
      Freya.Types.Http (>= 3.0.0-rc < 3.1.0-rc)
      Freya.Types.Uri (>= 3.0.0-rc < 3.1.0-rc)
      Freya.Types.Uri.Template (>= 3.0.0-rc < 3.1.0-rc)
      Hekate (>= 3.0 < 4.0)
    Freya.Types (3.0.0-rc01)
      FParsec (>= 1.0 < 2.0)
    Freya.Types.Http (3.0.0-rc01)
      FParsec (>= 1.0 < 2.0)
      Freya.Types (>= 3.0.0-rc01)
      Freya.Types.Language (>= 3.0.0-rc01)
      Freya.Types.Uri (>= 3.0.0-rc01)
    Freya.Types.Http.Cors (3.0.0-rc01)
      FParsec (>= 1.0 < 2.0)
      Freya.Types (>= 3.0.0-rc01)
      Freya.Types.Http (>= 3.0.0-rc01)
      Freya.Types.Language (>= 3.0.0-rc01)
      Freya.Types.Uri (>= 3.0.0-rc01)
    Freya.Types.Http.Patch (3.0.0-rc01)
      FParsec (>= 1.0 < 2.0)
      Freya.Types (>= 3.0.0-rc01)
      Freya.Types.Http (>= 3.0.0-rc01)
      Freya.Types.Language (>= 3.0.0-rc01)
      Freya.Types.Uri (>= 3.0.0-rc01)
    Freya.Types.Language (3.0.0-rc01)
      FParsec (>= 1.0 < 2.0)
      Freya.Types (>= 3.0.0-rc01)
    Freya.Types.Uri (3.0.0-rc01)
      FParsec (>= 1.0 < 2.0)
      Freya.Types (>= 3.0.0-rc01)
    Freya.Types.Uri.Template (3.0.0-rc01)
      FParsec (>= 1.0 < 2.0)
      Freya.Types (>= 3.0.0-rc01)
      Freya.Types.Uri (>= 3.0.0-rc01)
